GEM
  remote: https://rubygems.org/
  specs:
    aoc (0.0.1)
      nokogiri (~> 1.6, >= 1.6.8)
      thor (~> 0.19.1)
    byebug (11.1.3)
    diff-lcs (1.5.0)
    dotenv (2.8.1)
    httparty (0.21.0)
      mini_mime (>= 1.0.0)
      multi_xml (>= 0.5.2)
    mini_mime (1.1.5)
    multi_xml (0.6.0)
    nokogiri (1.15.5-arm64-darwin)
      racc (~> 1.4)
    racc (1.7.3)
    rspec (3.12.0)
      rspec-core (~> 3.12.0)
      rspec-expectations (~> 3.12.0)
      rspec-mocks (~> 3.12.0)
    rspec-core (3.12.2)
      rspec-support (~> 3.12.0)
    rspec-expectations (3.12.3)
      diff-lcs (>= 1.2.0, < 2.0)
      rspec-support (~> 3.12.0)
    rspec-mocks (3.12.6)
      diff-lcs (>= 1.2.0, < 2.0)
      rspec-support (~> 3.12.0)
    rspec-support (3.12.1)
    thor (0.19.4)

PLATFORMS
  arm64-darwin-22

DEPENDENCIES
  aoc
  byebug
  dotenv
  httparty
  rspec
  rspec-core
  thor

RUBY VERSION
   ruby 3.2.2p53

BUNDLED WITH
   2.4.22
